GEM
  remote: http://rubygems.org/
  specs:
    columnize (0.3.6)
    debugger (1.1.3)
      columnize (>= 0.3.1)
      debugger-linecache (~> 1.1.1)
      debugger-ruby_core_source (~> 1.1.2)
    debugger-linecache (1.1.1)
      debugger-ruby_core_source (>= 1.1.1)
    debugger-ruby_core_source (1.1.2)
    domain_name (0.5.3)
      unf (~> 0.0.3)
    mechanize (2.5.1)
      domain_name (~> 0.5, >= 0.5.1)
      mime-types (~> 1.17, >= 1.17.2)
      net-http-digest_auth (~> 1.1, >= 1.1.1)
      net-http-persistent (~> 2.5, >= 2.5.2)
      nokogiri (~> 1.4)
      ntlm-http (~> 0.1, >= 0.1.1)
      webrobots (~> 0.0, >= 0.0.9)
    mime-types (1.18)
    net-http-digest_auth (1.2)
    net-http-persistent (2.6)
    nokogiri (1.5.2)
    ntlm-http (0.1.1)
    os (0.9.6)
    rake (0.9.2.2)
    unf (0.0.5)
      unf_ext
    unf_ext (0.0.4)
    webrobots (0.0.13)

PLATFORMS
  ruby

DEPENDENCIES
  debugger
  mechanize
  os
  rake
